GEM
  remote: https://rubygems.org/
  specs:
    ffi (1.9.3)
    json (1.8.0)
    mime-types (2.2)
    pi_piper (1.3.2)
      ffi
    rest-client (1.6.7)
      mime-types (>= 1.16)

PLATFORMS
  ruby

DEPENDENCIES
  json
  pi_piper
  rest-client
